PATH
  remote: .
  specs:
    json-search-cli (0.1.0)

GEM
  remote: https://rubygems.org/
  specs:
    coderay (1.1.3)
    diff-lcs (1.5.1)
    json (2.7.1)
    method_source (1.0.0)
    pry (0.14.2)
      coderay (~> 1.1)
      method_source (~> 1.0)
    rake (12.3.3)
    rspec (3.13.0)
      rspec-core (~> 3.13.0)
      rspec-expectations (~> 3.13.0)
      rspec-mocks (~> 3.13.0)
    rspec-core (3.13.0)
      rspec-support (~> 3.13.0)
    rspec-expectations (3.13.0)
      diff-lcs (>= 1.2.0, < 2.0)
      rspec-support (~> 3.13.0)
    rspec-mocks (3.13.0)
      diff-lcs (>= 1.2.0, < 2.0)
      rspec-support (~> 3.13.0)
    rspec-support (3.13.0)

PLATFORMS
  ruby

DEPENDENCIES
  json (~> 2.7, >= 2.7.1)
  json-search-cli!
  pry (~> 0.14.2)
  rake (~> 12.0)
  rspec (~> 3.0)

BUNDLED WITH
   2.1.4
